GEM
  remote: https://rubygems.org/
  specs:
    mini_portile2 (2.0.0)
    nokogiri (1.6.7.2)
      mini_portile2 (~> 2.0.0.rc2)

PLATFORMS
  ruby

DEPENDENCIES
  nokogiri (~> 1.6, >= 1.6.7.2)

BUNDLED WITH
   1.11.2
